PATH
  remote: /Users/sunfmin/Developments/qor
  specs:
    qor (0.1.0)
      qor_dolilo (= 0.1.0)
      qor_extlib (= 0.1.0)
      qor_form (= 0.1.0)
      qor_formtastic (= 0.1.0)
      qor_job (= 0.1.0)
      qor_minisite (= 0.1.0)
      qor_publish (= 0.1.0)
      qor_resources_engine (= 0.1.0)
      qor_soft_delete (= 0.1.0)
    qor_dolilo (0.1.0)
      warden
    qor_extlib (0.1.0)
      activerecord
      yajl-ruby
    qor_form (0.1.0)
      mustache
      qor_extlib (= 0.1.0)
      qor_media_library (= 0.1.0)
      rails
    qor_formtastic (0.1.0)
      actionpack (>= 2.3.0)
      activesupport (>= 2.3.0)
      qor_dolilo (= 0.1.0)
      qor_extlib (= 0.1.0)
      qor_form (= 0.1.0)
      qor_media_library (= 0.1.0)
    qor_job (0.1.0)
      qor_extlib
      rails
    qor_media_library (0.1.0)
      paperclip (= 2.3.3)
    qor_minisite (0.1.0)
    qor_publish (0.1.0)
      qor_extlib
      qor_soft_delete
    qor_resources_engine (0.1.0)
      qor_extlib (= 0.1.0)
      qor_formtastic (= 0.1.0)
      will_paginate (>= 3.0.pre)
    qor_soft_delete (0.1.0)

GEM
  remote: http://rubygems.org/
  specs:
    abstract (1.0.0)
    actionmailer (3.0.3)
      actionpack (= 3.0.3)
      mail (~> 2.2.9)
    actionpack (3.0.3)
      activemodel (= 3.0.3)
      activesupport (= 3.0.3)
      builder (~> 2.1.2)
      erubis (~> 2.6.6)
      i18n (~> 0.4)
      rack (~> 1.2.1)
      rack-mount (~> 0.6.13)
      rack-test (~> 0.5.6)
      tzinfo (~> 0.3.23)
    activemodel (3.0.3)
      activesupport (= 3.0.3)
      builder (~> 2.1.2)
      i18n (~> 0.4)
    activerecord (3.0.3)
      activemodel (= 3.0.3)
      activesupport (= 3.0.3)
      arel (~> 2.0.2)
      tzinfo (~> 0.3.23)
    activeresource (3.0.3)
      activemodel (= 3.0.3)
      activesupport (= 3.0.3)
    activesupport (3.0.3)
    arel (2.0.4)
    builder (2.1.2)
    capistrano (2.5.19)
      highline
      net-scp (>= 1.0.0)
      net-sftp (>= 2.0.0)
      net-ssh (>= 2.0.14)
      net-ssh-gateway (>= 1.0.0)
    erubis (2.6.6)
      abstract (>= 1.0.0)
    highline (1.6.1)
    i18n (0.4.2)
    mail (2.2.10)
      activesupport (>= 2.3.6)
      i18n (~> 0.4.1)
      mime-types (~> 1.16)
      treetop (~> 1.4.8)
    mime-types (1.16)
    mustache (0.11.2)
    mysql2 (0.2.6)
    net-scp (1.0.4)
      net-ssh (>= 1.99.1)
    net-sftp (2.0.5)
      net-ssh (>= 2.0.9)
    net-ssh (2.0.23)
    net-ssh-gateway (1.0.1)
      net-ssh (>= 1.99.1)
    paperclip (2.3.3)
      activerecord
      activesupport
    polyglot (0.3.1)
    rack (1.2.1)
    rack-mount (0.6.13)
      rack (>= 1.0.0)
    rack-test (0.5.6)
      rack (>= 1.0)
    rails (3.0.3)
      actionmailer (= 3.0.3)
      actionpack (= 3.0.3)
      activerecord (= 3.0.3)
      activeresource (= 3.0.3)
      activesupport (= 3.0.3)
      bundler (~> 1.0)
      railties (= 3.0.3)
    railties (3.0.3)
      actionpack (= 3.0.3)
      activesupport (= 3.0.3)
      rake (>= 0.8.7)
      thor (~> 0.14.4)
    rake (0.8.7)
    thor (0.14.6)
    treetop (1.4.9)
      polyglot (>= 0.3.1)
    tzinfo (0.3.23)
    warden (1.0.1)
      rack (>= 1.0.0)
    will_paginate (3.0.pre2)
    yajl-ruby (0.7.8)

PLATFORMS
  ruby

DEPENDENCIES
  capistrano
  mysql2
  paperclip (= 2.3.3)
  qor!
  rails (= 3.0.3)
  will_paginate (>= 3.0.pre)
